GEM
  remote: https://rubygems.org/
  specs:
    dotenv (2.1.2)
    rack (1.6.5)
    rack-protection (1.5.3)
      rack
    sinatra (1.4.7)
      rack (~> 1.5)
      rack-protection (~> 1.4)
      tilt (>= 1.3, < 3)
    sysrandom (1.0.4)
    tilt (2.0.5)

PLATFORMS
  ruby

DEPENDENCIES
  dotenv
  sinatra
  sysrandom

BUNDLED WITH
   1.13.1
