GEM
  remote: https://rubygems.org/
  specs:
    dotenv (2.2.1)
    mustermann (1.0.2)
    rack (2.0.4)
    rack-protection (2.0.1)
      rack
    sinatra (2.0.1)
      mustermann (~> 1.0)
      rack (~> 2.0)
      rack-protection (= 2.0.1)
      tilt (~> 2.0)
    sysrandom (1.0.5)
    tilt (2.0.8)

PLATFORMS
  ruby

DEPENDENCIES
  dotenv
  sinatra
  sysrandom

BUNDLED WITH
   1.14.6
